PATH
  remote: .
  specs:
    melodiest (0.2.1)
      sinatra (= 1.4.5)
      sinatra-contrib (= 1.4.2)
      thin (= 1.6.3)

GEM
  remote: https://rubygems.org/
  specs:
    backports (3.6.4)
    daemons (1.1.9)
    diff-lcs (1.2.5)
    eventmachine (1.0.7)
    fakefs (0.6.7)
    multi_json (1.10.1)
    rack (1.6.0)
    rack-protection (1.5.3)
      rack
    rack-test (0.6.3)
      rack (>= 1.0)
    rspec (3.1.0)
      rspec-core (~> 3.1.0)
      rspec-expectations (~> 3.1.0)
      rspec-mocks (~> 3.1.0)
    rspec-core (3.1.7)
      rspec-support (~> 3.1.0)
    rspec-expectations (3.1.2)
      diff-lcs (>= 1.2.0, < 2.0)
      rspec-support (~> 3.1.0)
    rspec-mocks (3.1.3)
      rspec-support (~> 3.1.0)
    rspec-support (3.1.2)
    sinatra (1.4.5)
      rack (~> 1.4)
      rack-protection (~> 1.4)
      tilt (~> 1.3, >= 1.3.4)
    sinatra-contrib (1.4.2)
      backports (>= 2.0)
      multi_json
      rack-protection
      rack-test
      sinatra (~> 1.4.0)
      tilt (~> 1.3)
    thin (1.6.3)
      daemons (~> 1.0, >= 1.0.9)
      eventmachine (~> 1.0)
      rack (~> 1.0)
    tilt (1.4.1)

PLATFORMS
  ruby

DEPENDENCIES
  bundler (~> 1.7)
  fakefs (= 0.6.7)
  melodiest!
  rack-test (= 0.6.3)
  rspec (= 3.1.0)
